GEM
  remote: http://rubygems.org/
  specs:
    activesupport (4.2.6)
      i18n (~> 0.7)
      json (~> 1.7, >= 1.7.7)
      minitest (~> 5.1)
      thread_safe (~> 0.3, >= 0.3.4)
      tzinfo (~> 1.1)
    fetcher (0.4.5)
      logutils (>= 0.6)
    i18n (0.7.0)
    json (1.8.3)
    kramdown (1.11.1)
    liquid (3.0.6)
    logutils (0.6.1)
    minitest (5.8.4)
    pakman (0.6.0)
      fetcher (>= 0.4.5)
      liquid (>= 3.0.6)
      logutils (>= 0.6.1)
    props (1.1.2)
    rack (1.6.4)
    rack-protection (1.5.3)
      rack
    rubyzip (1.2.0)
    sinatra (1.4.7)
      rack (~> 1.5)
      rack-protection (~> 1.4)
      tilt (>= 1.3, < 3)
    slideshow-models (3.1.1)
      activesupport
      kramdown (>= 1.10.0)
      logutils (>= 0.6.1)
      pakman (>= 0.6.0)
      props (>= 1.1.2)
      textutils (>= 0.10.0)
    slideshow-service (0.1.0)
      liquid
      sinatra
      slideshow-models (>= 3.1.1)
    textutils (1.4.0)
      activesupport
      logutils (>= 0.6.1)
      props (>= 1.1.2)
      rubyzip (>= 1.0.0)
    thread_safe (0.3.5)
    tilt (2.0.2)
    tzinfo (1.2.2)
      thread_safe (~> 0.1)

PLATFORMS
  x86-mingw32

DEPENDENCIES
  liquid
  sinatra
  slideshow-models
  slideshow-service
